PATH
  remote: .
  specs:
    travel (0.1.0)

GEM
  remote: https://rubygems.org/
  specs:
    rake (13.0.3)

PLATFORMS
  x86_64-darwin-20

DEPENDENCIES
  rake (~> 13.0)
  travel!

BUNDLED WITH
   2.2.11
